GEM
  remote: https://rubygems.org/
  specs:
    daemons (1.1.9)
    eventmachine (1.0.3)
    haml (4.0.5)
      tilt
    json (1.8.1)
    newrelic_rpm (3.8.1.221)
    rack (1.5.2)
    rack-protection (1.5.3)
      rack
    redcarpet (3.1.2)
    sinatra (1.4.5)
      rack (~> 1.4)
      rack-protection (~> 1.4)
      tilt (~> 1.3, >= 1.3.4)
    thin (1.6.2)
      daemons (>= 1.0.9)
      eventmachine (>= 1.0.0)
      rack (>= 1.0.0)
    tilt (1.4.1)

PLATFORMS
  ruby

DEPENDENCIES
  haml
  json
  newrelic_rpm
  redcarpet
  sinatra (>= 1.4.3)
  thin
